GEM
  remote: http://rubygems.org/
  specs:
    ZenTest (4.4.2)
    autotest (4.4.6)
      ZenTest (>= 4.4.1)
    autotest-growl (0.2.9)
    awesome_print (0.3.2)
    daemons (1.1.0)
    diff-lcs (1.1.2)
    eventmachine (0.12.10)
    grape (0.1.3)
      json
      multi_json
      multi_xml
      rack
      rack-jsonp
      rack-mount (~> 0.6.13)
    json (1.5.1)
    multi_json (0.0.5)
    multi_xml (0.2.1)
    rack (1.2.1)
    rack-jsonp (1.1.0)
      rack
    rack-mount (0.6.13)
      rack (>= 1.0.0)
    rack-test (0.5.7)
      rack (>= 1.0)
    redis (2.1.1)
    rspec (2.4.0)
      rspec-core (~> 2.4.0)
      rspec-expectations (~> 2.4.0)
      rspec-mocks (~> 2.4.0)
    rspec-core (2.4.0)
    rspec-expectations (2.4.0)
      diff-lcs (~> 1.1.2)
    rspec-mocks (2.4.0)
    shotgun (0.8)
      rack (>= 1.0)
    steak (1.1.0)
      rspec (>= 1.3)
    thin (1.2.7)
      daemons (>= 1.0.9)
      eventmachine (>= 0.12.6)
      rack (>= 1.0.0)

PLATFORMS
  ruby

DEPENDENCIES
  autotest (~> 4.4.6)
  autotest-growl (~> 0.2.9)
  awesome_print
  grape (~> 0.1.3)
  rack-test (~> 0.5.7)
  redis (~> 2.1.1)
  rspec (~> 2.4.0)
  shotgun (~> 0.8)
  steak (~> 1.1.0)
  thin (~> 1.2.7)
